PATH
  remote: .
  specs:
    image-stitcher (0.0.1)
      rmagick (~> 2.15)
      ruby-progressbar (~> 1.8)

GEM
  remote: https://rubygems.org/
  specs:
    rmagick (2.15.4)
    ruby-progressbar (1.8.1)

PLATFORMS
  ruby

DEPENDENCIES
  image-stitcher!

BUNDLED WITH
   1.11.2
